GIT
  remote: git://github.com/rails/activerecord-session_store.git
  revision: 19da525106387298a51970b0aed22f83346ab545
  specs:
    activerecord-session_store (0.1.1)
      actionpack (>= 4.0.0, < 5)
      activerecord (>= 4.0.0, < 5)
      railties (>= 4.0.0, < 5)

GEM
  remote: https://rubygems.org/
  specs:
    actionmailer (4.2.4)
      actionpack (= 4.2.4)
      actionview (= 4.2.4)
      activejob (= 4.2.4)
      mail (~> 2.5, >= 2.5.4)
      rails-dom-testing (~> 1.0, >= 1.0.5)
    actionpack (4.2.4)
      actionview (= 4.2.4)
      activesupport (= 4.2.4)
      rack (~> 1.6)
      rack-test (~> 0.6.2)
      rails-dom-testing (~> 1.0, >= 1.0.5)
      rails-html-sanitizer (~> 1.0, >= 1.0.2)
    actionview (4.2.4)
      activesupport (= 4.2.4)
      builder (~> 3.1)
      erubis (~> 2.7.0)
      rails-dom-testing (~> 1.0, >= 1.0.5)
      rails-html-sanitizer (~> 1.0, >= 1.0.2)
    activejob (4.2.4)
      activesupport (= 4.2.4)
      globalid (>= 0.3.0)
    activemodel (4.2.4)
      activesupport (= 4.2.4)
      builder (~> 3.1)
    activerecord (4.2.4)
      activemodel (= 4.2.4)
      activesupport (= 4.2.4)
      arel (~> 6.0)
    activesupport (4.2.4)
      i18n (~> 0.7)
      json (~> 1.7, >= 1.7.7)
      minitest (~> 5.1)
      thread_safe (~> 0.3, >= 0.3.4)
      tzinfo (~> 1.1)
    animate-rails (1.0.8)
      rails
    arel (6.0.3)
    autoprefixer-rails (6.0.2)
      execjs
      json
    bcrypt (3.1.10)
    bootstrap-sass (3.3.5)
      autoprefixer-rails (>= 5.0.0.1)
      sass (>= 3.2.19)
    bootstrap_form (2.3.0)
    builder (3.2.2)
    capybara (2.5.0)
      mime-types (>= 1.16)
      nokogiri (>= 1.3.3)
      rack (>= 1.0.0)
      rack-test (>= 0.5.4)
      xpath (~> 2.0)
    childprocess (0.5.6)
      ffi (~> 1.0, >= 1.0.11)
    climate_control (0.0.3)
      activesupport (>= 3.0)
    cocaine (0.5.7)
      climate_control (>= 0.0.3, < 1.0)
    coderay (1.1.0)
    coffee-rails (4.0.1)
      coffee-script (>= 2.2.0)
      railties (>= 4.0.0, < 5.0)
    coffee-script (2.4.1)
      coffee-script-source
      execjs
    coffee-script-source (1.9.1.1)
    daemons (1.2.3)
    diff-lcs (1.2.5)
    elasticsearch (1.0.12)
      elasticsearch-api (= 1.0.12)
      elasticsearch-transport (= 1.0.12)
    elasticsearch-api (1.0.12)
      multi_json
    elasticsearch-transport (1.0.12)
      faraday
      multi_json
    erubis (2.7.0)
    eventmachine (1.0.8)
    execjs (2.6.0)
    factory_girl (4.5.0)
      activesupport (>= 3.0.0)
    factory_girl_rails (4.5.0)
      factory_girl (~> 4.5.0)
      railties (>= 3.0.0)
    faraday (0.9.1)
      multipart-post (>= 1.2, < 3)
    ffi (1.9.10)
    font-awesome-rails (4.4.0.0)
      railties (>= 3.2, < 5.0)
    formatador (0.2.5)
    globalid (0.3.6)
      activesupport (>= 4.1.0)
    guard (2.13.0)
      formatador (>= 0.2.4)
      listen (>= 2.7, <= 4.0)
      lumberjack (~> 1.0)
      nenv (~> 0.1)
      notiffany (~> 0.0)
      pry (>= 0.9.12)
      shellany (~> 0.0)
      thor (>= 0.18.1)
    guard-compat (1.2.1)
    guard-rspec (4.6.4)
      guard (~> 2.1)
      guard-compat (~> 1.1)
      rspec (>= 2.99.0, < 4.0)
    haml (4.0.7)
      tilt
    haml-rails (0.9.0)
      actionpack (>= 4.0.1)
      activesupport (>= 4.0.1)
      haml (>= 4.0.6, < 5.0)
      html2haml (>= 1.0.1)
      railties (>= 4.0.1)
    hashie (3.4.2)
    hike (1.2.3)
    html2haml (2.0.0)
      erubis (~> 2.7.0)
      haml (~> 4.0.0)
      nokogiri (~> 1.6.0)
      ruby_parser (~> 3.5)
    httmultiparty (0.3.16)
      httparty (>= 0.7.3)
      mimemagic
      multipart-post
    httparty (0.13.5)
      json (~> 1.8)
      multi_xml (>= 0.5.2)
    i18n (0.7.0)
    jbuilder (2.3.1)
      activesupport (>= 3.0.0, < 5)
      multi_json (~> 1.2)
    jquery-rails (4.0.5)
      rails-dom-testing (~> 1.0)
      railties (>= 4.2.0)
      thor (>= 0.14, < 2.0)
    json (1.8.3)
    jwt (1.5.1)
    kaminari (0.16.3)
      actionpack (>= 3.0.0)
      activesupport (>= 3.0.0)
    libv8 (3.16.14.11)
    listen (3.0.3)
      rb-fsevent (>= 0.9.3)
      rb-inotify (>= 0.9)
    loofah (2.0.3)
      nokogiri (>= 1.5.9)
    lumberjack (1.0.9)
    mail (2.6.3)
      mime-types (>= 1.16, < 3)
    method_source (0.8.2)
    mime-types (2.6.2)
    mimemagic (0.3.0)
    mini_portile (0.6.2)
    minitest (5.8.0)
    multi_json (1.11.2)
    multi_xml (0.5.5)
    multipart-post (2.0.0)
    nenv (0.2.0)
    nokogiri (1.6.6.2)
      mini_portile (~> 0.6.0)
    notiffany (0.0.7)
      nenv (~> 0.1)
      shellany (~> 0.0)
    oauth (0.4.7)
    oauth2 (1.0.0)
      faraday (>= 0.8, < 0.10)
      jwt (~> 1.0)
      multi_json (~> 1.3)
      multi_xml (~> 0.5)
      rack (~> 1.2)
    paperclip (4.3.1)
      activemodel (>= 3.2.0)
      activesupport (>= 3.2.0)
      cocaine (~> 0.5.5)
      mime-types
      mimemagic (= 0.3.0)
    pg (0.18.3)
    pry (0.10.1)
      coderay (~> 1.1.0)
      method_source (~> 0.8.1)
      slop (~> 3.4)
    pry-rails (0.3.4)
      pry (>= 0.9.10)
    puma (2.13.4)
    quiet_assets (1.1.0)
      railties (>= 3.1, < 5.0)
    rack (1.6.4)
    rack-test (0.6.3)
      rack (>= 1.0)
    rails (4.2.4)
      actionmailer (= 4.2.4)
      actionpack (= 4.2.4)
      actionview (= 4.2.4)
      activejob (= 4.2.4)
      activemodel (= 4.2.4)
      activerecord (= 4.2.4)
      activesupport (= 4.2.4)
      bundler (>= 1.3.0, < 2.0)
      railties (= 4.2.4)
      sprockets-rails
    rails-deprecated_sanitizer (1.0.3)
      activesupport (>= 4.2.0.alpha)
    rails-dom-testing (1.0.7)
      activesupport (>= 4.2.0.beta, < 5.0)
      nokogiri (~> 1.6.0)
      rails-deprecated_sanitizer (>= 1.0.1)
    rails-html-sanitizer (1.0.2)
      loofah (~> 2.0)
    rails-i18n (4.0.5)
      i18n (~> 0.6)
      railties (~> 4.0)
    rails_12factor (0.0.3)
      rails_serve_static_assets
      rails_stdout_logging
    rails_serve_static_assets (0.0.4)
    rails_stdout_logging (0.0.4)
    railties (4.2.4)
      actionpack (= 4.2.4)
      activesupport (= 4.2.4)
      rake (>= 0.8.7)
      thor (>= 0.18.1, < 2.0)
    rake (10.4.2)
    rb-fsevent (0.9.6)
    rb-inotify (0.9.5)
      ffi (>= 0.5.0)
    rdoc (4.2.0)
    redcarpet (3.3.2)
    ref (2.0.0)
    rspec (3.3.0)
      rspec-core (~> 3.3.0)
      rspec-expectations (~> 3.3.0)
      rspec-mocks (~> 3.3.0)
    rspec-core (3.3.2)
      rspec-support (~> 3.3.0)
    rspec-expectations (3.3.1)
      diff-lcs (>= 1.2.0, < 2.0)
      rspec-support (~> 3.3.0)
    rspec-mocks (3.3.2)
      diff-lcs (>= 1.2.0, < 2.0)
      rspec-support (~> 3.3.0)
    rspec-rails (3.3.3)
      actionpack (>= 3.0, < 4.3)
      activesupport (>= 3.0, < 4.3)
      railties (>= 3.0, < 4.3)
      rspec-core (~> 3.3.0)
      rspec-expectations (~> 3.3.0)
      rspec-mocks (~> 3.3.0)
      rspec-support (~> 3.3.0)
    rspec-support (3.3.0)
    ru_propisju (2.5.0)
    ruby_parser (3.7.1)
      sexp_processor (~> 4.1)
    rubyzip (1.1.7)
    sass (3.2.19)
    sass-rails (4.0.5)
      railties (>= 4.0.0, < 5.0)
      sass (~> 3.2.2)
      sprockets (~> 2.8, < 3.0)
      sprockets-rails (~> 2.0)
    sdoc (0.4.1)
      json (~> 1.7, >= 1.7.7)
      rdoc (~> 4.0)
    searchkick (0.9.1)
      activemodel
      elasticsearch (>= 1)
      hashie
    selenium-webdriver (2.47.1)
      childprocess (~> 0.5)
      multi_json (~> 1.0)
      rubyzip (~> 1.0)
      websocket (~> 1.0)
    sexp_processor (4.6.0)
    shellany (0.0.1)
    slop (3.6.0)
    sorcery (0.9.1)
      bcrypt (~> 3.1)
      oauth (~> 0.4, >= 0.4.4)
      oauth2 (>= 0.8.0)
    spring (1.4.0)
    spring-commands-rspec (1.0.4)
      spring (>= 0.9.1)
    sprockets (2.12.4)
      hike (~> 1.2)
      multi_json (~> 1.0)
      rack (~> 1.0)
      tilt (~> 1.1, != 1.3.0)
    sprockets-rails (2.3.3)
      actionpack (>= 3.0)
      activesupport (>= 3.0)
      sprockets (>= 2.8, < 4.0)
    sqlite3 (1.3.10)
    therubyracer (0.12.2)
      libv8 (~> 3.16.14.0)
      ref
    thin (1.6.3)
      daemons (~> 1.0, >= 1.0.9)
      eventmachine (~> 1.0)
      rack (~> 1.0)
    thor (0.19.1)
    thread_safe (0.3.5)
    tilt (1.4.1)
    turbolinks (2.5.3)
      coffee-rails
    tzinfo (1.2.2)
      thread_safe (~> 0.1)
    uglifier (2.7.2)
      execjs (>= 0.3.0)
      json (>= 1.8.0)
    websocket (1.2.2)
    xpath (2.0.0)
      nokogiri (~> 1.3)

PLATFORMS
  ruby

DEPENDENCIES
  activerecord-session_store!
  animate-rails
  bootstrap-sass
  bootstrap_form
  capybara
  coffee-rails (~> 4.0.0)
  execjs
  factory_girl_rails
  font-awesome-rails
  guard-rspec
  haml-rails
  httmultiparty
  jbuilder (~> 2.0)
  jquery-rails
  kaminari
  multi_json
  paperclip
  pg
  pry-rails
  puma
  quiet_assets
  rails (= 4.2.4)
  rails-i18n
  rails_12factor
  redcarpet
  rspec-rails
  ru_propisju
  rubyzip
  sass-rails (~> 4.0.3)
  sdoc (~> 0.4.0)
  searchkick
  selenium-webdriver
  sorcery
  spring
  spring-commands-rspec
  sqlite3
  therubyracer
  thin
  turbolinks
  uglifier (>= 1.3.0)

BUNDLED WITH
   1.10.6
